PATH
  remote: .
  specs:
    onlyoffice_api (1.0.1)
      httparty (~> 0.16)

GEM
  remote: https://rubygems.org/
  specs:
    ast (2.4.2)
    childprocess (4.1.0)
    concurrent-ruby (1.2.2)
    diff-lcs (1.5.0)
    docile (1.4.0)
    faker (3.2.2)
      i18n (>= 1.8.11, < 2)
    httparty (0.21.0)
      mini_mime (>= 1.0.0)
      multi_xml (>= 0.5.2)
    i18n (1.14.1)
      concurrent-ruby (~> 1.0)
    iniparse (1.5.0)
    json (2.6.3)
    language_server-protocol (3.17.0.3)
    mini_mime (1.1.5)
    multi_xml (0.6.0)
    overcommit (0.60.0)
      childprocess (>= 0.6.3, < 5)
      iniparse (~> 1.4)
      rexml (~> 3.2)
    parallel (1.23.0)
    parser (3.2.2.4)
      ast (~> 2.4.1)
      racc
    racc (1.7.2)
    rainbow (3.1.1)
    rake (13.1.0)
    regexp_parser (2.8.2)
    rexml (3.2.6)
    rspec (3.12.0)
      rspec-core (~> 3.12.0)
      rspec-expectations (~> 3.12.0)
      rspec-mocks (~> 3.12.0)
    rspec-core (3.12.2)
      rspec-support (~> 3.12.0)
    rspec-expectations (3.12.3)
      diff-lcs (>= 1.2.0, < 2.0)
      rspec-support (~> 3.12.0)
    rspec-mocks (3.12.6)
      diff-lcs (>= 1.2.0, < 2.0)
      rspec-support (~> 3.12.0)
    rspec-retry (0.6.2)
      rspec-core (> 3.3)
    rspec-support (3.12.1)
    rubocop (1.57.2)
      json (~> 2.3)
      language_server-protocol (>= 3.17.0)
      parallel (~> 1.10)
      parser (>= 3.2.2.4)
      rainbow (>= 2.2.2, < 4.0)
      regexp_parser (>= 1.8, < 3.0)
      rexml (>= 3.2.5, < 4.0)
      rubocop-ast (>= 1.28.1, < 2.0)
      ruby-progressbar (~> 1.7)
      unicode-display_width (>= 2.4.0, < 3.0)
    rubocop-ast (1.30.0)
      parser (>= 3.2.1.0)
    rubocop-capybara (2.19.0)
      rubocop (~> 1.41)
    rubocop-factory_bot (2.24.0)
      rubocop (~> 1.33)
    rubocop-performance (1.19.1)
      rubocop (>= 1.7.0, < 2.0)
      rubocop-ast (>= 0.4.0)
    rubocop-rake (0.6.0)
      rubocop (~> 1.0)
    rubocop-rspec (2.25.0)
      rubocop (~> 1.40)
      rubocop-capybara (~> 2.17)
      rubocop-factory_bot (~> 2.22)
    ruby-progressbar (1.13.0)
    simplecov (0.22.0)
      docile (~> 1.1)
      simplecov-html (~> 0.11)
      simplecov_json_formatter (~> 0.1)
    simplecov-cobertura (2.1.0)
      rexml
      simplecov (~> 0.19)
    simplecov-html (0.12.3)
    simplecov_json_formatter (0.1.4)
    unicode-display_width (2.5.0)
    yard (0.9.34)

PLATFORMS
  ruby

DEPENDENCIES
  faker (~> 3)
  onlyoffice_api!
  overcommit (~> 0)
  rake (~> 13)
  rspec (~> 3)
  rspec-retry (~> 0)
  rubocop (~> 1)
  rubocop-performance (~> 1)
  rubocop-rake (~> 0)
  rubocop-rspec (~> 2)
  simplecov-cobertura (~> 2)
  yard (>= 0.9.20)

BUNDLED WITH
   2.4.20
